GEM
  remote: https://rubygems.org/
  specs:
    pdf-core (0.9.0)
    prawn (2.4.0)
      pdf-core (~> 0.9.0)
      ttfunk (~> 1.7)
    prawn-labels (1.2.6)
      prawn (>= 1.0.0, < 3.0.0)
    ttfunk (1.7.0)

PLATFORMS
  ruby
  x86_64-darwin-22

DEPENDENCIES
  prawn (~> 2.4)
  prawn-labels (~> 1.2)

BUNDLED WITH
   2.5.3
